GEM
  specs:
    daemons (1.1.4)
    eventmachine (0.12.10)
    rack (1.2.2)
    sinatra (1.2.6)
      rack (~> 1.1)
      tilt (< 2.0, >= 1.2.2)
    thin (1.2.11)
      daemons (>= 1.0.9)
      eventmachine (>= 0.12.6)
      rack (>= 1.0.0)
    tilt (1.3)

PLATFORMS
  ruby

DEPENDENCIES
  sinatra
  thin
